PATH
  remote: .
  specs:
    minigrails (0.1.0-java)

GEM
  remote: https://rubygems.org/
  specs:
    atoulme-Antwrap (0.7.5-java)
    bouncy-castle-java (1.5.0147)
    builder (3.2.2)
    buildr (1.4.22-java)
      atoulme-Antwrap (= 0.7.5)
      builder (= 3.2.2)
      bundler
      diff-lcs (= 1.2.4)
      hoe (= 3.7.1)
      jruby-openssl (~> 0.8.2)
      jruby-pageant (= 1.1.1)
      json_pure (= 1.8.0)
      minitar (= 0.5.4)
      net-sftp (= 2.1.2)
      net-ssh (= 2.7.0)
      orderedhash (= 0.0.6)
      rake (= 0.9.2.2)
      rubyzip (= 0.9.9)
      xml-simple (= 1.1.2)
    diff-lcs (1.2.4)
    hoe (3.7.1)
      rake (>= 0.8, < 11.0)
    jruby-openssl (0.8.10)
      bouncy-castle-java (>= 1.5.0147)
    jruby-pageant (1.1.1-java)
    json_pure (1.8.0)
    liquid (3.0.1)
    minitar (0.5.4)
    net-sftp (2.1.2)
      net-ssh (>= 2.6.5)
    net-ssh (2.7.0)
    orderedhash (0.0.6)
    rake (0.9.2.2)
    rake-compiler (0.9.5)
      rake
    rubyzip (0.9.9)
    xml-simple (1.1.2)

PLATFORMS
  java

DEPENDENCIES
  buildr
  liquid (~> 3.0.1)
  minigrails!
  rake (~> 0.9.2.2)
  rake-compiler
